GEM
  remote: https://rubygems.org/
  specs:
    activesupport (7.2.0)
      base64
      bigdecimal
      concurrent-ruby (~> 1.0, >= 1.3.1)
      connection_pool (>= 2.2.5)
      drb
      i18n (>= 1.6, < 2)
      logger (>= 1.4.2)
      minitest (>= 5.1)
      securerandom (>= 0.3)
      tzinfo (~> 2.0, >= 2.0.5)
    addressable (2.8.5)
      public_suffix (>= 2.0.2, < 6.0)
    amazing_print (1.5.0)
    appydays (0.12.2)
      dotenv (~> 2.7)
      semantic_logger (~> 4.6)
    ast (2.4.2)
    base64 (0.2.0)
    bcrypt (3.1.19)
    bigdecimal (3.1.4)
    biz (1.8.2)
      clavius (~> 1.0)
      tzinfo
    browser (5.3.1)
    brpoplpush-redis_script (0.1.3)
      concurrent-ruby (~> 1.0, >= 1.0.5)
      redis (>= 1.0, < 6)
    builder (3.2.4)
    clavius (1.0.4)
    clipboard (1.3.6)
    coderay (1.1.3)
    concurrent-ruby (1.3.4)
    connection_pool (2.4.1)
    crack (1.0.0)
      bigdecimal
      rexml
    css_parser (1.16.0)
      addressable
    csv (3.3.0)
    diff-lcs (1.5.0)
    docile (1.4.0)
    domain_name (0.5.20190701)
      unf (>= 0.0.5, < 1.0.0)
    dotenv (2.8.1)
    drb (2.2.1)
    dry-core (1.0.1)
      concurrent-ruby (~> 1.0)
      zeitwerk (~> 2.6)
    dry-inflector (1.0.0)
    dry-logic (1.5.0)
      concurrent-ruby (~> 1.0)
      dry-core (~> 1.0, < 2)
      zeitwerk (~> 2.6)
    dry-types (1.7.1)
      concurrent-ruby (~> 1.0)
      dry-core (~> 1.0)
      dry-inflector (~> 1.0)
      dry-logic (~> 1.4)
      zeitwerk (~> 2.6)
    erubis (2.7.0)
    et-orbi (1.2.11)
      tzinfo
    eventmachine (1.2.7)
    excon (0.102.0)
    faker (3.2.1)
      i18n (>= 1.8.11, < 2)
    faraday (2.7.10)
      faraday-net_http (>= 2.0, < 3.1)
      ruby2_keywords (>= 0.0.4)
    faraday-net_http (3.0.2)
    faye-websocket (0.11.3)
      eventmachine (>= 0.12.0)
      websocket-driver (>= 0.5.1)
    ffi (1.15.5)
    ffi-compiler (1.0.1)
      ffi (>= 1.0.0)
      rake
    fluent_fixtures (0.11.0)
      faker (~> 3.2)
      inflecto (~> 0.0)
      loggability (~> 0.17)
    foreman (0.87.2)
    frontapp (0.0.12)
      http (>= 2.2.1)
    fugit (1.11.1)
      et-orbi (~> 1, >= 1.2.11)
      raabro (~> 1.4)
    geokit (1.14.0)
    globalid (1.2.0)
      activesupport (>= 6.1)
    grape (1.8.0)
      activesupport (>= 5)
      builder
      dry-types (>= 1.1)
      mustermann-grape (~> 1.0.0)
      rack (>= 1.3.0)
      rack-accept
    grape-entity (1.0.0)
      activesupport (>= 3.0.0)
      multi_json (>= 1.3.2)
    grape-swagger (1.6.1)
      grape (~> 1.3)
    grape_logging (1.8.4)
      grape
      rack
    has-guarded-handlers (1.6.3)
    hashdiff (1.1.1)
    heroics (0.1.2)
      erubis (~> 2.0)
      excon
      moneta
      multi_json (>= 1.9.2)
      webrick
    holidays (8.6.0)
    htmlentities (4.3.4)
    http (5.1.1)
      addressable (~> 2.8)
      http-cookie (~> 1.0)
      http-form_data (~> 2.2)
      llhttp-ffi (~> 0.4.0)
    http-cookie (1.0.5)
      domain_name (~> 0.5)
    http-form_data (2.3.0)
    httparty (0.22.0)
      csv
      mini_mime (>= 1.0.0)
      multi_xml (>= 0.5.2)
    i18n (1.14.1)
      concurrent-ruby (~> 1.0)
    image_processing (1.12.2)
      mini_magick (>= 4.9.5, < 5)
      ruby-vips (>= 2.0.17, < 3)
    inflecto (0.0.2)
    json (2.7.2)
    jwt (2.7.1)
    language_server-protocol (3.17.0.3)
    liquid (5.4.0)
    llhttp-ffi (0.4.0)
      ffi-compiler (~> 1.0)
      rake (~> 13.0)
    loggability (0.18.2)
    logger (1.6.0)
    method_source (1.0.0)
    mimemagic (0.4.3)
      nokogiri (~> 1)
      rake
    mini_magick (4.12.0)
    mini_mime (1.1.5)
    mini_portile2 (2.8.7)
    minitest (5.25.1)
    moneta (1.0.0)
    monetize (1.12.0)
      money (~> 6.12)
    money (6.16.0)
      i18n (>= 0.6.4, <= 2)
    multi_json (1.15.0)
    multi_xml (0.7.1)
      bigdecimal (~> 3.1)
    mustermann (3.0.0)
      ruby2_keywords (~> 0.0.1)
    mustermann-grape (1.0.2)
      mustermann (>= 1.0.0)
    nio4r (2.7.3)
    nokogiri (1.16.7)
      mini_portile2 (~> 2.8.2)
      racc (~> 1.4)
    nokogiri (1.16.7-x86_64-darwin)
      racc (~> 1.4)
    nokogiri (1.16.7-x86_64-linux)
      racc (~> 1.4)
    parallel (1.26.3)
    parser (3.3.4.2)
      ast (~> 2.4.1)
      racc
    pg (1.5.4)
    phony (2.20.7)
    platform-api (3.5.0)
      heroics (~> 0.1.1)
      moneta (~> 1.0.0)
      rate_throttle_client (~> 0.1.0)
    premailer (1.21.0)
      addressable
      css_parser (>= 1.12.0)
      htmlentities (>= 4.0.0)
    pry (0.14.2)
      coderay (~> 1.1)
      method_source (~> 1.0)
    pry-clipboard2 (1.0.0)
      clipboard (~> 1)
      pry (~> 0)
    public_suffix (5.0.3)
    puma (6.4.2)
      nio4r (~> 2.0)
    raabro (1.4.0)
    racc (1.8.1)
    rack (2.2.9)
    rack-accept (0.4.5)
      rack (>= 0.4)
    rack-attack (6.7.0)
      rack (>= 1.0, < 4)
    rack-cors (2.0.2)
      rack (>= 2.0.0)
    rack-protection (3.1.0)
      rack (~> 2.2, >= 2.2.4)
    rack-ssl-enforcer (0.2.9)
    rack-test (2.1.0)
      rack (>= 1.3)
    rainbow (3.1.1)
    rake (13.0.6)
    rate_throttle_client (0.1.2)
    redcarpet (3.6.0)
    redis (4.8.1)
    redis-client (0.16.0)
      connection_pool
    regexp_parser (2.9.2)
    rexml (3.3.5)
      strscan
    rspec (3.12.0)
      rspec-core (~> 3.12.0)
      rspec-expectations (~> 3.12.0)
      rspec-mocks (~> 3.12.0)
    rspec-core (3.12.2)
      rspec-support (~> 3.12.0)
    rspec-eventually (0.2.2)
    rspec-expectations (3.12.3)
      diff-lcs (>= 1.2.0, < 2.0)
      rspec-support (~> 3.12.0)
    rspec-json_expectations (2.2.0)
    rspec-mocks (3.12.6)
      diff-lcs (>= 1.2.0, < 2.0)
      rspec-support (~> 3.12.0)
    rspec-support (3.12.1)
    rspec-temp_dir (1.1.1)
      rspec (>= 3.0)
    rubocop (1.65.1)
      json (~> 2.3)
      language_server-protocol (>= 3.17.0)
      parallel (~> 1.10)
      parser (>= 3.3.0.2)
      rainbow (>= 2.2.2, < 4.0)
      regexp_parser (>= 2.4, < 3.0)
      rexml (>= 3.2.5, < 4.0)
      rubocop-ast (>= 1.31.1, < 2.0)
      ruby-progressbar (~> 1.7)
      unicode-display_width (>= 2.4.0, < 3.0)
    rubocop-ast (1.32.1)
      parser (>= 3.3.1.0)
    rubocop-performance (1.21.1)
      rubocop (>= 1.48.1, < 2.0)
      rubocop-ast (>= 1.31.1, < 2.0)
    rubocop-rake (0.6.0)
      rubocop (~> 1.0)
    rubocop-sequel (0.3.4)
      rubocop (~> 1.0)
    ruby-progressbar (1.13.0)
    ruby-vips (2.1.4)
      ffi (~> 1.12)
    ruby2_keywords (0.0.5)
    securerandom (0.3.1)
    semantic_logger (4.14.0)
      concurrent-ruby (~> 1.0)
    sentry-ruby (5.19.0)
      bigdecimal
      concurrent-ruby (~> 1.0, >= 1.0.2)
    sentry-sidekiq (5.19.0)
      sentry-ruby (~> 5.19.0)
      sidekiq (>= 3.0)
    sequel (5.75.0)
      bigdecimal
    sequel-annotate (1.7.0)
      sequel (>= 4)
    sequel-money-fields (0.1.0)
      monetize
      money
      sequel
    sequel-soft-deletes (0.1.3)
    sequel-state-machine (1.4.0)
    sequel-tstzrange-fields (0.2.1)
      pg
      sequel
    sequel_pg (1.17.1)
      pg (>= 0.18.0, != 1.2.0)
      sequel (>= 4.38.0)
    sidekiq (6.5.12)
      connection_pool (>= 2.2.5, < 3)
      rack (~> 2.0)
      redis (>= 4.5.0, < 5)
    sidekiq-amigo (1.8.0)
      sidekiq (~> 6)
      sidekiq-cron (~> 1)
    sidekiq-cron (1.10.1)
      fugit (~> 1.8)
      globalid (>= 1.0.1)
      sidekiq (>= 6)
    sidekiq-unique-jobs (7.1.33)
      brpoplpush-redis_script (> 0.1.1, <= 2.0.0)
      concurrent-ruby (~> 1.0, >= 1.0.5)
      redis (< 5.0)
      sidekiq (>= 5.0, < 7.0)
      thor (>= 0.20, < 3.0)
    signalwire (2.5.0)
      concurrent-ruby (~> 1.1)
      faye-websocket (~> 0.11)
      has-guarded-handlers (~> 1.6.3)
      logger (~> 1.3)
      twilio-ruby (~> 5.0)
    simplecov (0.22.0)
      docile (~> 1.1)
      simplecov-html (~> 0.11)
      simplecov_json_formatter (~> 0.1)
    simplecov-cobertura (2.1.0)
      rexml
      simplecov (~> 0.19)
    simplecov-html (0.12.3)
    simplecov_json_formatter (0.1.4)
    state_machines (0.6.0)
    stripe (9.1.0)
    strscan (3.1.0)
    thor (1.3.1)
    timecop (0.9.8)
    twilio-ruby (5.77.0)
      faraday (>= 0.9, < 3.0)
      jwt (>= 1.5, < 3.0)
      nokogiri (>= 1.6, < 2.0)
    tzinfo (2.0.6)
      concurrent-ruby (~> 1.0)
    unf (0.1.4)
      unf_ext
    unf_ext (0.0.8.2)
    unicode-display_width (2.5.0)
    webmock (3.23.1)
      addressable (>= 2.8.0)
      crack (>= 0.3.2)
      hashdiff (>= 0.4.0, < 2.0.0)
    webrick (1.8.1)
    websocket-driver (0.7.6)
      websocket-extensions (>= 0.1.0)
    websocket-extensions (0.1.5)
    yajl-ruby (1.4.3)
    zeitwerk (2.6.11)

PLATFORMS
  ruby
  x86_64-darwin-21
  x86_64-linux
  x86_86-linux

DEPENDENCIES
  activesupport (~> 7.2)
  amazing_print
  appydays (~> 0.7)
  base64
  bcrypt
  biz
  browser
  clipboard
  faker
  fluent_fixtures
  foreman
  frontapp
  geokit
  grape
  grape-entity
  grape-swagger
  grape_logging
  holidays
  httparty (~> 0.22)
  image_processing (~> 1.0)
  liquid
  mimemagic
  monetize
  money
  nokogiri
  parser
  pg
  phony
  platform-api
  premailer
  pry
  pry-clipboard2
  puma (~> 6.4)
  rack-attack
  rack-cors (~> 2.0)
  rack-protection
  rack-ssl-enforcer
  rack-test
  rake
  redcarpet
  redis-client
  rspec
  rspec-eventually
  rspec-json_expectations
  rspec-temp_dir
  rubocop (~> 1.65.1)
  rubocop-performance
  rubocop-rake
  rubocop-sequel
  ruby-vips
  semantic_logger
  sentry-ruby
  sentry-sidekiq
  sequel (>= 5.75)
  sequel-annotate
  sequel-money-fields
  sequel-soft-deletes
  sequel-state-machine (~> 1.4)
  sequel-tstzrange-fields
  sequel_pg
  sidekiq (~> 6.5)
  sidekiq-amigo (>= 1.7.0)
  sidekiq-cron
  sidekiq-unique-jobs (~> 7.1)
  signalwire
  simplecov
  simplecov-cobertura
  state_machines
  stripe
  timecop
  twilio-ruby (~> 5.74)
  webmock (~> 3.23)
  yajl-ruby

RUBY VERSION
   ruby 3.3.4p94

BUNDLED WITH
   2.5.6
